GIT
  remote: https://github.com/envygeeks/jekyll-assets.git
  revision: 056d2c88719ef3b1f90967a606dd1441581dd832
  branch: master
  specs:
    jekyll-assets (4.0.0.alpha)
      activesupport (>= 5, < 7)
      execjs (~> 2.7)
      extras (~> 0.2)
      fastimage (~> 2.0, >= 1.8)
      jekyll (>= 3.5, < 5.0)
      jekyll-sanity (~> 1.2)
      liquid-tag-parser (>= 1, < 3)
      nokogiri (~> 1.10)
      pathutil (~> 0.16)
      sassc (>= 1.11, < 3.0)
      sprockets (~> 4.0.beta7)

GEM
  remote: https://rubygems.org/
  specs:
    activesupport (6.1.7.2)
      concurrent-ruby (~> 1.0, >= 1.0.2)
      i18n (>= 1.6, < 2)
      minitest (>= 5.1)
      tzinfo (~> 2.0)
      zeitwerk (~> 2.3)
    addressable (2.8.1)
      public_suffix (>= 2.0.2, < 6.0)
    byebug (11.1.3)
    coffee-script (2.4.1)
      coffee-script-source
      execjs
    coffee-script-source (1.12.2)
    colorator (1.1.0)
    concurrent-ruby (1.2.0)
    css_press (0.3.2)
      csspool-st (= 3.1.2)
      json
    csspool-st (3.1.2)
    date (3.3.3)
    domain_name (0.5.20190701)
      unf (>= 0.0.5, < 1.0.0)
    em-websocket (0.5.3)
      eventmachine (>= 0.12.9)
      http_parser.rb (~> 0)
    eventmachine (1.2.7)
    execjs (2.8.1)
    extras (0.3.0)
      forwardable-extended (~> 2.5)
    fastimage (2.2.6)
    ffi (1.15.5)
    foreman (0.87.2)
    forwardable-extended (2.6.0)
    html_press (0.8.2)
      htmlentities
      multi_css (>= 0.1.0)
      multi_js (>= 0.1.0)
    htmlentities (4.3.4)
    http-accept (1.7.0)
    http-cookie (1.0.5)
      domain_name (~> 0.5)
    http_parser.rb (0.8.0)
    i18n (1.12.0)
      concurrent-ruby (~> 1.0)
    jekyll (4.0.1)
      addressable (~> 2.4)
      colorator (~> 1.0)
      em-websocket (~> 0.5)
      i18n (>= 0.9.5, < 2)
      jekyll-sass-converter (~> 2.0)
      jekyll-watch (~> 2.0)
      kramdown (~> 2.1)
      kramdown-parser-gfm (~> 1.0)
      liquid (~> 4.0)
      mercenary (~> 0.3.3)
      pathutil (~> 0.9)
      rouge (~> 3.0)
      safe_yaml (~> 1.0)
      terminal-table (~> 1.8)
    jekyll-minify-html (1.1.0)
      html_press (~> 0.8.2)
      jekyll (>= 0.12)
    jekyll-paginate (1.1.0)
    jekyll-sanity (1.6.0)
      jekyll (>= 3.1, < 5.0)
      pathutil (~> 0.16)
    jekyll-sass-converter (2.2.0)
      sassc (> 2.0.1, < 3.0)
    jekyll-sitemap (1.4.0)
      jekyll (>= 3.7, < 5.0)
    jekyll-watch (2.2.1)
      listen (~> 3.0)
    json (2.6.3)
    kramdown (2.4.0)
      rexml
    kramdown-parser-gfm (1.1.0)
      kramdown (~> 2.0)
    liquid (4.0.4)
    liquid-tag-parser (2.0.2)
      extras (~> 0.3)
      liquid (>= 3.0, < 5.0)
    listen (3.8.0)
      rb-fsevent (~> 0.10, >= 0.10.3)
      rb-inotify (~> 0.9, >= 0.9.10)
    mail (2.8.0.1)
      mini_mime (>= 0.1.1)
      net-imap
      net-pop
      net-smtp
    maruku (0.7.3)
    mercenary (0.3.6)
    mime-types (3.4.1)
      mime-types-data (~> 3.2015)
    mime-types-data (3.2022.0105)
    mini_mime (1.1.2)
    mini_portile2 (2.8.1)
    minitest (5.17.0)
    multi_css (0.1.0)
      css_press
    multi_js (0.1.0)
      uglifier (~> 2)
    mustermann (3.0.0)
      ruby2_keywords (~> 0.0.1)
    net-imap (0.3.4)
      date
      net-protocol
    net-pop (0.1.2)
      net-protocol
    net-protocol (0.2.1)
      timeout
    net-smtp (0.3.3)
      net-protocol
    netrc (0.11.0)
    newrelic_rpm (8.15.0)
    nio4r (2.5.8)
    nokogiri (1.14.1)
      mini_portile2 (~> 2.8.0)
      racc (~> 1.4)
    pathutil (0.16.2)
      forwardable-extended (~> 2.6)
    pony (1.13.1)
      mail (>= 2.0)
    public_suffix (5.0.1)
    puma (6.0.2)
      nio4r (~> 2.0)
    racc (1.6.2)
    rack (2.2.6.2)
    rack-protection (3.0.5)
      rack
    rake (13.0.6)
    rb-fsevent (0.11.2)
    rb-inotify (0.10.1)
      ffi (~> 1.0)
    rest-client (2.1.0)
      http-accept (>= 1.7.0, < 2.0)
      http-cookie (>= 1.0.2, < 2.0)
      mime-types (>= 1.16, < 4.0)
      netrc (~> 0.8)
    rexml (3.2.5)
    rouge (3.30.0)
    ruby2_keywords (0.0.5)
    safe_yaml (1.0.5)
    sass (3.7.4)
      sass-listen (~> 4.0.0)
    sass-listen (4.0.0)
      rb-fsevent (~> 0.9, >= 0.9.4)
      rb-inotify (~> 0.9, >= 0.9.7)
    sassc (2.4.0)
      ffi (~> 1.9)
    sinatra (3.0.5)
      mustermann (~> 3.0)
      rack (~> 2.2, >= 2.2.4)
      rack-protection (= 3.0.5)
      tilt (~> 2.0)
    sprockets (4.2.0)
      concurrent-ruby (~> 1.0)
      rack (>= 2.2.4, < 4)
    stripe (8.1.0)
    terminal-table (1.8.0)
      unicode-display_width (~> 1.1, >= 1.1.1)
    tilt (2.0.11)
    timeout (0.3.1)
    tzinfo (2.0.6)
      concurrent-ruby (~> 1.0)
    uglifier (2.7.2)
      execjs (>= 0.3.0)
      json (>= 1.8.0)
    unf (0.1.4)
      unf_ext
    unf_ext (0.0.8.2)
    unicode-display_width (1.8.0)
    zeitwerk (2.6.6)

PLATFORMS
  ruby

DEPENDENCIES
  addressable (>= 2.8.0)
  byebug
  coffee-script
  foreman
  jekyll (~> 4.0.0)
  jekyll-assets!
  jekyll-minify-html
  jekyll-paginate
  jekyll-sitemap
  kramdown (>= 2.3.0)
  maruku
  newrelic_rpm
  nokogiri (>= 1.13.9)
  pony
  puma
  rack (>= 2.2.6.2)
  rake
  rest-client
  sass
  sinatra (>= 2.2.3)
  sprockets (>= 3.7)
  stripe
  tzinfo
  uglifier

RUBY VERSION
   ruby 2.7.7p221

BUNDLED WITH
   2.4.6
